GEM
  remote: https://rubygems.org/
  specs:
    lemmatizer (0.2.2)
    ruby-stemmer (3.0.0)

PLATFORMS
  x86_64-darwin-19

DEPENDENCIES
  lemmatizer
  ruby-stemmer (>= 2.0.0)

RUBY VERSION
   ruby 2.6.6p146

BUNDLED WITH
   2.2.7
